GEM
  remote: https://gemstash.syd.coinjar.com/
  specs:
    sequel (5.27.0)

PLATFORMS
  ruby

DEPENDENCIES
  sequel

RUBY VERSION
   ruby 2.6.5p114

BUNDLED WITH
   2.0.2
